GEM
  remote: https://rubygems.org/
  specs:
    aws-sdk (2.3.22)
      aws-sdk-resources (= 2.3.22)
    aws-sdk-core (2.3.22)
      jmespath (~> 1.0)
    aws-sdk-resources (2.3.22)
      aws-sdk-core (= 2.3.22)
    cmdparse (3.0.3)
    coderay (1.1.0)
    jmespath (1.3.1)
    method_source (0.8.2)
    pry (0.10.1)
      coderay (~> 1.1.0)
      method_source (~> 0.8.1)
      slop (~> 3.4)
    rake (10.4.2)
    rmagick (2.16.0)
    ruby-progressbar (1.7.5)
    s3sync (2.0.4)
      aws-sdk (~> 2.3.0)
      cmdparse (~> 3.0)
    slop (3.6.0)

PLATFORMS
  ruby

DEPENDENCIES
  pry (~> 0.10.1)
  rake (~> 10.4.2)
  rmagick (~> 2.16.0)
  ruby-progressbar (~> 1.7.5)
  s3sync

BUNDLED WITH
   1.13.6
