GEM
  remote: https://rubygems.org/
  specs:
    aws-sdk (2.3.22)
      aws-sdk-resources (= 2.3.22)
    aws-sdk-core (2.3.22)
      jmespath (~> 1.0)
    aws-sdk-resources (2.3.22)
      aws-sdk-core (= 2.3.22)
    coderay (1.1.0)
    dotenv (2.2.1)
    jmespath (1.3.1)
    method_source (0.8.2)
    pry (0.10.1)
      coderay (~> 1.1.0)
      method_source (~> 0.8.1)
      slop (~> 3.4)
    rake (10.4.2)
    rmagick (2.16.0)
    ruby-progressbar (1.7.5)
    slop (3.6.0)

PLATFORMS
  ruby

DEPENDENCIES
  aws-sdk
  aws-sdk-resources
  dotenv (~> 2.2.1)
  pry (~> 0.10.1)
  rake (~> 10.4.2)
  rmagick (~> 2.16.0)
  ruby-progressbar (~> 1.7.5)

BUNDLED WITH
   1.14.6
